GEM
  remote: https://rubygems.org/
  specs:
    execjs (1.4.0)
      multi_json (~> 1.0)
    multi_json (1.7.2)
    uglifier (2.0.1)
      execjs (>= 0.3.0)
      multi_json (~> 1.0, >= 1.0.2)

PLATFORMS
  ruby

DEPENDENCIES
  uglifier
